GEM
  remote: http://rubygems.org/
  specs:
    coderay (0.9.6)
    dragonfly (0.8.2)
      rack
    rack (1.2.1)
    rdiscount (1.6.5)
    shotgun (0.9)
      rack (>= 1.0)
    sinatra (1.1.2)
      rack (~> 1.1)
      tilt (~> 1.2)
    tilt (1.2.1)

PLATFORMS
  ruby

DEPENDENCIES
  coderay
  dragonfly
  rdiscount
  shotgun
  sinatra
