GEM
  remote: http://rubygems.org/
  specs:
    builder (3.0.0)
    coderay (0.9.6)
    dragonfly (0.8.2)
      rack
    multi_json (1.0.3)
    rack (1.4.1)
    rack-contrib (1.1.0)
      rack (>= 0.9.1)
    rack-protection (1.2.0)
      rack
    redcarpet (2.2.2)
    shotgun (0.9)
      rack (>= 1.0)
    sinatra (1.3.2)
      rack (~> 1.3, >= 1.3.6)
      rack-protection (~> 1.2)
      tilt (~> 1.3, >= 1.3.3)
    tilt (1.3.3)

PLATFORMS
  ruby

DEPENDENCIES
  builder
  coderay (= 0.9.6)
  dragonfly (= 0.8.2)
  multi_json
  rack-contrib
  redcarpet
  shotgun
  sinatra (~> 1.3.2)
