GEM
  remote: http://rubygems.org/
  specs:
    coderay (0.9.6)
    nokogiri (1.4.4)
    rack (1.2.1)
    rack-codehighlighter (0.4.7)
      nokogiri (>= 1.4.1)
      rack (>= 1.0.0)
    rdiscount (1.6.5)
    sinatra (1.1.2)
      rack (~> 1.1)
      tilt (~> 1.2)
    tilt (1.2.1)

PLATFORMS
  ruby

DEPENDENCIES
  coderay
  rack-codehighlighter
  rdiscount
  sinatra
