GEM
  remote: http://rubygems.org/
  specs:
    coderay (0.9.6)
    rack (1.2.1)
    rdiscount (1.6.5)
    sinatra (1.1.2)
      rack (~> 1.1)
      tilt (~> 1.2)
    tilt (1.2.1)

PLATFORMS
  ruby

DEPENDENCIES
  coderay
  rdiscount
  sinatra
