GEM
  remote: http://rubygems.org/
  specs:
    builder (3.0.0)
    coderay (1.0.5)
    dragonfly (0.8.2)
      rack
    rack (1.4.1)
    rack-protection (1.2.0)
      rack
    rdiscount (1.6.8)
    shotgun (0.9)
      rack (>= 1.0)
    sinatra (1.3.2)
      rack (~> 1.3, >= 1.3.6)
      rack-protection (~> 1.2)
      tilt (~> 1.3, >= 1.3.3)
    tilt (1.3.3)

PLATFORMS
  ruby

DEPENDENCIES
  builder
  coderay
  dragonfly (= 0.8.2)
  rdiscount
  shotgun
  sinatra (~> 1.3.2)
