GEM
  remote: http://rubygems.org/
  specs:
    builder (3.0.0)
    coderay (0.9.6)
    dotenv (0.8.0)
    dragonfly (0.8.2)
      rack
    foreman (0.63.0)
      dotenv (>= 0.7)
      thor (>= 0.13.6)
    http_accept_language (1.0.2)
    multi_json (1.0.3)
    mustermann (1.1.1)
      ruby2_keywords (~> 0.0.1)
    puma (3.11.4)
    rack (2.2.3)
    rack-contrib (1.1.0)
      rack (>= 0.9.1)
    rack-protection (2.2.0)
      rack
    redcarpet (2.2.2)
    ruby2_keywords (0.0.5)
    shotgun (0.9)
      rack (>= 1.0)
    sinatra (2.2.0)
      mustermann (~> 1.0)
      rack (~> 2.2)
      rack-protection (= 2.2.0)
      tilt (~> 2.0)
    thor (0.18.1)
    tilt (2.0.10)

PLATFORMS
  ruby

DEPENDENCIES
  builder
  coderay (= 0.9.6)
  dragonfly (= 0.8.2)
  foreman
  http_accept_language
  multi_json
  puma
  rack-contrib
  redcarpet
  shotgun
  sinatra (~> 2.2.0)

RUBY VERSION
   ruby 2.4.2p198

BUNDLED WITH
   1.16.0
