GEM
  remote: http://rubygems.org/
  specs:
    addressable (2.7.0)
      public_suffix (>= 2.0.2, < 5.0)
    builder (3.0.0)
    coderay (0.9.6)
    dotenv (0.8.0)
    dragonfly (1.4.0)
      addressable (~> 2.3)
      multi_json (~> 1.0)
      rack (>= 1.3)
    foreman (0.63.0)
      dotenv (>= 0.7)
      thor (>= 0.13.6)
    http_accept_language (1.0.2)
    multi_json (1.0.3)
    public_suffix (4.0.6)
    puma (3.11.4)
    rack (1.6.13)
    rack-contrib (1.1.0)
      rack (>= 0.9.1)
    rack-protection (1.2.0)
      rack
    redcarpet (2.2.2)
    shotgun (0.9)
      rack (>= 1.0)
    sinatra (1.3.2)
      rack (~> 1.3, >= 1.3.6)
      rack-protection (~> 1.2)
      tilt (~> 1.3, >= 1.3.3)
    thor (0.18.1)
    tilt (1.3.3)

PLATFORMS
  ruby

DEPENDENCIES
  builder
  coderay (= 0.9.6)
  dragonfly (= 1.4.0)
  foreman
  http_accept_language
  multi_json
  puma
  rack-contrib
  redcarpet
  shotgun
  sinatra (~> 1.3.2)

RUBY VERSION
   ruby 2.4.2p198

BUNDLED WITH
   1.16.0
